GEM
  remote: http://rubygems.org/
  specs:
    addressable (2.2.6)
    adsf (1.0.1)
      rack (>= 1.0.0)
    cri (2.0.2)
    daemons (1.1.4)
    eventmachine (0.12.10)
    haml (3.1.3)
    heroku (2.11.0)
      launchy (>= 0.3.2)
      rest-client (~> 1.6.1)
      rubyzip
      term-ansicolor (~> 1.0.5)
    launchy (2.0.5)
      addressable (~> 2.2.6)
    mime-types (1.17.1)
    nanoc (3.2.2)
      nanoc3 (>= 3.2.2)
    nanoc3 (3.2.2)
      cri (~> 2.0)
    rack (1.3.5)
    rack-contrib (1.1.0)
      rack (>= 0.9.1)
    rack-rewrite (1.2.1)
    rest-client (1.6.7)
      mime-types (>= 1.16)
    rubyzip (0.9.4)
    sass (3.1.10)
    term-ansicolor (1.0.7)
    thin (1.2.11)
      daemons (>= 1.0.9)
      eventmachine (>= 0.12.6)
      rack (>= 1.0.0)

PLATFORMS
  ruby

DEPENDENCIES
  adsf
  haml
  heroku
  mime-types
  nanoc
  rack
  rack-contrib
  rack-rewrite
  sass
  thin
